GEM
  remote: http://rubygems.org/
  specs:
    andand (1.3.3)
    libxml-ruby (2.9.0)
    rspreadsheet (0.4.5)
      andand (~> 1.3)
      rubyzip (~> 1.1)
    rubyzip (1.2.1)

PLATFORMS
  ruby

DEPENDENCIES
  libxml-ruby (~> 2.9)
  rspreadsheet (~> 0.4.5)

BUNDLED WITH
   1.16.2
